GEM
  remote: https://rubygems.org/
  specs:
    stackprof (0.2.7)

PLATFORMS
  ruby

DEPENDENCIES
  stackprof

BUNDLED WITH
   1.10.2
